PATH
  remote: .
  specs:
    dir_checksum (0.4.2)

GEM
  remote: http://rubygems.org/
  specs:
    rspec (1.3.1)
    simplecov (0.4.2)
      simplecov-html (~> 0.4.4)
    simplecov-html (0.4.5)

PLATFORMS
  ruby

DEPENDENCIES
  dir_checksum!
  rspec (~> 1.3)
  simplecov (>= 0.4.0)
